PATH
  remote: /home/gimite/devel/c2dm
  specs:
    c2dm (0.1.6)
      httparty (> 0.6.0)

GEM
  remote: http://rubygems.org/
  specs:
    addressable (2.2.6)
    backports (2.3.0)
    daemons (1.1.4)
    em-websocket (0.3.5)
      addressable (>= 2.1.1)
      eventmachine (>= 0.12.9)
    eventmachine (0.12.10)
    highline (1.6.5)
    httparty (0.8.1)
      multi_json
      multi_xml
    kyotocabinet-ruby (1.27.1)
    multi_json (1.0.3)
    multi_xml (0.4.1)
    rack (1.3.5)
    rack-protection (1.1.4)
      rack
    rack-test (0.6.1)
      rack (>= 1.0)
    sinatra (1.3.1)
      rack (~> 1.3, >= 1.3.4)
      rack-protection (~> 1.1, >= 1.1.2)
      tilt (~> 1.3, >= 1.3.3)
    sinatra-contrib (1.3.1)
      backports (>= 2.0)
      eventmachine
      rack-protection
      rack-test
      sinatra (~> 1.3.0)
      tilt (~> 1.3)
    sinatra-reloader (1.0)
      sinatra-contrib
    thin (1.3.0)
      daemons (>= 1.0.9)
      eventmachine (>= 0.12.6)
      rack (>= 1.0.0)
    tilt (1.3.3)

PLATFORMS
  ruby

DEPENDENCIES
  c2dm!
  em-websocket
  highline
  kyotocabinet-ruby
  sinatra
  sinatra-reloader
  thin
